RESTRICTION: == net472
NUGET
  remote: https://api.nuget.org/v3/index.json
    Anotar.Catel.Fody (4.6.7)
      Catel.Core (>= 5.7)
      Fody (>= 3.2.9)
    Antlr (3.5.0.2)
    Be.Windows.Forms.HexBox (1.6.1)
    Castle.Core (4.3.1)
    Catel.Core (5.8)
      Microsoft.CSharp (>= 4.5)
      System.Collections.Immutable (>= 1.5)
      System.ComponentModel.Annotations (>= 4.5)
      System.Configuration.ConfigurationManager (>= 4.4.1)
      System.Dynamic.Runtime (>= 4.3)
      System.Reflection (>= 4.3)
      System.Runtime.Serialization.Formatters (>= 4.3)
      System.Runtime.Serialization.Primitives (>= 4.3)
      System.Runtime.Serialization.Xml (>= 4.3)
      System.Xml.XDocument (>= 4.3)
      System.Xml.XmlSerializer (>= 4.3)
    Catel.Fody (3.8)
      Fody (>= 3.3.5)
    Catel.MVVM (5.8)
      Catel.Core (>= 5.8)
      Expression.Blend.Sdk.WPF (>= 1.0.1)
      System.ComponentModel.Annotations (>= 4.5)
    Catel.Serialization.Json (5.8)
      Catel.Core (>= 5.8)
      Newtonsoft.Json (>= 11.0.2)
    ControlzEx (3.0.2.4)
    CsvHelper (12.1.2)
      System.ValueTuple (>= 4.4)
    DataGridExtensions (1.0.41)
      Expression.Blend.Sdk (>= 1.0.2)
    DeltaCompressionDotNet (1.1)
    Dirkster.AvalonDock.Themes.VS2013 (3.4.0.8)
    EFInteractiveViews (1.0.1)
      EntityFramework (>= 6.0 < 7.0)
    EntityFramework (6.2)
    Expression.Blend.Sdk (1.0.2)
    Expression.Blend.Sdk.WPF (1.0.1)
    ExpressionEvaluator (2.0.4)
      Antlr (>= 3.5.0.2)
    Extended.Wpf.Toolkit (3.4)
    Fluent.Ribbon (6.1.0.326)
      ControlzEx (>= 3.0.2.4 < 4.0)
    Fody (3.3.5)
    GSF.Core (2.1.468)
      ExpressionEvaluator (>= 2.0.3)
    GSF.Media (2.1.468)
      GSF.Core (>= 2.1.468)
    Ionic.Zip (1.9.1.8)
    JetBrains.Annotations (2018.3)
    K4os.Compression.LZ4 (1.1.1)
      System.Memory (>= 4.5.1)
    ksemenenko.ColorThief (1.1.1.4)
    LoadAssembliesOnStartup.Fody (2.1)
      Fody (>= 3.0.1)
    MahApps.Metro.IconPacks (3.0.0-alpha0096)
    MessagePack (1.7.3.4)
      System.Threading.Tasks.Extensions (>= 4.3)
    MethodTimer.Fody (2.3)
      Fody (>= 3.3.5)
    Microsoft-WindowsAPICodePack-Core (1.1.3.3)
    Microsoft-WindowsAPICodePack-Shell (1.1.3.3)
      Microsoft-WindowsAPICodePack-Core (>= 1.1.3.3)
    Microsoft.CSharp (4.5)
    Microsoft.Xaml.Behaviors.Wpf (1.0.1)
    ModuleInit.Fody (1.9)
      Fody (>= 3.3.5)
    Mono.Cecil (0.10.3)
    NAudio (1.8.5)
    Newtonsoft.Json (12.0.1)
    NuGet.CommandLine (4.9.2)
    Orc.Controls (3.1.1)
      Catel.Core (>= 5.8)
      Catel.MVVM (>= 5.8)
      Orc.FileSystem (>= 3.0)
    Orc.EntityFramework6 (3.0)
      Catel.Core (>= 5.6)
      EntityFramework (>= 6.2)
    Orc.FileSystem (3.0)
      Catel.Core (>= 5.6)
      System.IO.FileSystem.Watcher (>= 4.3)
      System.Threading.Timer (>= 4.3)
    Orc.LogViewer (3.1)
      Catel.Core (>= 5.8)
      Catel.MVVM (>= 5.8)
      Orc.Controls (>= 3.1)
    Orc.Scheduling (3.1)
      Catel.Core (>= 5.8)
    Orc.Squirrel (3.0)
      Catel.Core (>= 5.6)
      Orc.FileSystem (>= 3.0)
      squirrel.windows (>= 1.8)
    Orc.SystemInfo (3.0)
      Catel.Core (>= 5.6)
    Orc.WorkspaceManagement (3.1)
      Catel.Core (>= 5.8)
    Orchestra.Core (5.1.5)
      Catel.Core (>= 5.8)
      Catel.MVVM (>= 5.8)
      Ionic.Zip (>= 1.9.1.8)
      Orc.Controls (>= 3.1)
      Orc.FileSystem (>= 3.0)
      Orc.SystemInfo (>= 3.0)
    Orchestra.Shell.Ribbon.Fluent (5.1.5)
      Catel.Core (>= 5.8)
      Catel.MVVM (>= 5.8)
      ControlzEx (>= 3.0.2.4)
      Fluent.Ribbon (>= 6.1.0.326)
      Orc.Controls (>= 3.1)
      Orchestra.Core (>= 5.1.5)
    Portable.Licensing (1.1)
    PropertyChanged.Fody (2.6)
      Fody (>= 3.3.2)
    SharpCompress (0.22)
    SharpVectors.Reloaded (1.2)
    SharpZipLib (1.1)
    Simple-MAPI.NET (1.1)
    Splat (6.1.7)
      System.Drawing.Primitives (>= 4.3)
    sqlite-net-pcl (1.5.231)
      SQLitePCLRaw.bundle_green (>= 1.1.11)
    SQLite.CodeFirst (1.5.2.28)
      EntityFramework (>= 6.2)
    SQLitePCLRaw.bundle_e_sqlite3 (1.1.13)
      SQLitePCLRaw.core (>= 1.1.13)
      SQLitePCLRaw.lib.e_sqlite3.linux (>= 1.1.13)
      SQLitePCLRaw.lib.e_sqlite3.osx (>= 1.1.13)
      SQLitePCLRaw.lib.e_sqlite3.v110_xp (>= 1.1.13)
      SQLitePCLRaw.provider.e_sqlite3.net45 (>= 1.1.13)
    SQLitePCLRaw.bundle_green (1.1.13)
      SQLitePCLRaw.core (>= 1.1.13)
      SQLitePCLRaw.lib.e_sqlite3.linux (>= 1.1.13)
      SQLitePCLRaw.lib.e_sqlite3.osx (>= 1.1.13)
      SQLitePCLRaw.lib.e_sqlite3.v110_xp (>= 1.1.13)
      SQLitePCLRaw.provider.e_sqlite3.net45 (>= 1.1.13)
    SQLitePCLRaw.core (1.1.13)
    SQLitePCLRaw.lib.e_sqlite3.linux (1.1.13)
    SQLitePCLRaw.lib.e_sqlite3.osx (1.1.13)
    SQLitePCLRaw.lib.e_sqlite3.v110_xp (1.1.13)
    SQLitePCLRaw.provider.e_sqlite3.net45 (1.1.13)
      SQLitePCLRaw.core (>= 1.1.13)
    squirrel.windows (1.9)
      DeltaCompressionDotNet (>= 1.1 < 2.0)
      Mono.Cecil (>= 0.9.6.1)
      SharpCompress (>= 0.17.1)
      Splat (>= 1.6.2)
    Standart.Hash.xxHash (1.0.6)
      System.Buffers (>= 4.5)
      System.IO (>= 4.3)
      System.Memory (>= 4.5.1)
      System.Threading.Tasks.Extensions (>= 4.5.1)
    Svg (2.4.1)
    Syroot.Windows.IO.KnownFolders (1.2.1)
    System.Buffers (4.5)
    System.Collections.Immutable (1.5)
    System.ComponentModel.Annotations (4.5)
    System.Configuration.ConfigurationManager (4.5)
      System.Security.Permissions (>= 4.5)
    System.Data.SQLite (1.0.109.2)
      System.Data.SQLite.Core (>= 1.0.109.2)
      System.Data.SQLite.EF6 (>= 1.0.109)
      System.Data.SQLite.Linq (>= 1.0.109)
    System.Data.SQLite.Core (1.0.109.2)
    System.Data.SQLite.EF6 (1.0.109)
      EntityFramework (>= 6.2)
    System.Data.SQLite.Linq (1.0.109)
    System.Drawing.Primitives (4.3)
    System.Dynamic.Runtime (4.3)
    System.IO (4.3)
    System.IO.FileSystem.Watcher (4.3)
    System.Memory (4.5.2)
      System.Buffers (>= 4.4)
      System.Numerics.Vectors (>= 4.4)
      System.Runtime.CompilerServices.Unsafe (>= 4.5.2)
    System.Net.Http (4.3.4)
      System.Security.Cryptography.X509Certificates (>= 4.3)
    System.Numerics.Vectors (4.5)
    System.Reflection (4.3)
    System.Runtime (4.3)
    System.Runtime.CompilerServices.Unsafe (4.5.2)
    System.Runtime.Serialization.Formatters (4.3)
      System.Runtime.Serialization.Primitives (>= 4.3)
    System.Runtime.Serialization.Primitives (4.3)
    System.Runtime.Serialization.Xml (4.3)
      System.Runtime.Serialization.Primitives (>= 4.3)
    System.Security.AccessControl (4.5)
      System.Security.Principal.Windows (>= 4.5)
    System.Security.Cryptography.Algorithms (4.3.1)
      System.IO (>= 4.3)
      System.Runtime (>= 4.3)
      System.Security.Cryptography.Encoding (>= 4.3)
      System.Security.Cryptography.Primitives (>= 4.3)
    System.Security.Cryptography.Encoding (4.3)
    System.Security.Cryptography.Primitives (4.3)
    System.Security.Cryptography.X509Certificates (4.3.2)
      System.Security.Cryptography.Algorithms (>= 4.3)
      System.Security.Cryptography.Encoding (>= 4.3)
    System.Security.Permissions (4.5)
      System.Security.AccessControl (>= 4.5)
    System.Security.Principal.Windows (4.5.1)
    System.Threading.Tasks.Extensions (4.5.2)
      System.Runtime.CompilerServices.Unsafe (>= 4.5.2)
    System.Threading.Timer (4.3)
    System.ValueTuple (4.5)
    System.Xml.XDocument (4.3)
    System.Xml.XmlSerializer (4.3)
    WPFHexaEditor (1.3.6.2)
