LICENSE-DOWNLOAD: TRUE
RESTRICTION: == net462
NUGET
  remote: https://api.nuget.org/v3/index.json
    Antlr (3.5.0.2)
    CommandLineParser (2.3)
      System.Collections (>= 4.0.11-rc2-24027)
      System.Console (>= 4.0.0-rc2-24027)
      System.Diagnostics.Debug (>= 4.0.11-rc2-24027)
      System.Globalization (>= 4.0.11-rc2-24027)
      System.IO (>= 4.1.0-rc2-24027)
      System.Linq (>= 4.1.0-rc2-24027)
      System.Linq.Expressions (>= 4.0.11-rc2-24027)
      System.Reflection (>= 4.1.0-rc2-24027)
      System.Reflection.Extensions (>= 4.0.1-rc2-24027)
      System.Reflection.TypeExtensions (>= 4.1.0-rc2-24027)
      System.Resources.ResourceManager (>= 4.0.1-rc2-24027)
      System.Runtime (>= 4.1.0-rc2-24027)
      System.Runtime.Extensions (>= 4.1.0-rc2-24027)
    ControlzEx (4.0.0-alpha0189)
    ExpressionEvaluator (2.0.4)
      Antlr (>= 3.5.0.2)
    Fluent.Ribbon (7.0.0-alpha0456)
      ControlzEx (>= 4.0.0-alpha0189 < 5.0.0-alpha)
    Fody (3.3.1)
    GSF.Core (2.1.468)
      ExpressionEvaluator (>= 2.0.3)
    GSF.Media (2.1.468)
      GSF.Core (>= 2.1.468)
    JetBrains.Annotations (2018.2.1)
    MahApps.Metro.IconPacks (3.0.0-alpha0088)
    MessagePack (1.7.3.4)
      System.Threading.Tasks.Extensions (>= 4.3)
      System.ValueTuple (>= 4.3)
    NAudio (1.8.5)
    Newtonsoft.Json (11.0.2)
    Platform.NET (1.2.5)
    Portable.Licensing (1.1)
    PropertyChanged.Fody (2.5.14)
      Fody (>= 3.2.13)
    Svg (2.3)
    Syroot.Windows.IO.KnownFolders (1.2.1)
    System.Collections (4.3)
    System.Console (4.3.1)
    System.Diagnostics.Debug (4.3)
    System.Globalization (4.3)
    System.IO (4.3)
    System.Linq (4.3)
    System.Linq.Expressions (4.3)
    System.Reflection (4.3)
    System.Reflection.Extensions (4.3)
    System.Reflection.TypeExtensions (4.5.1)
    System.Resources.ResourceManager (4.3)
    System.Runtime (4.3)
    System.Runtime.CompilerServices.Unsafe (4.5.2)
    System.Runtime.Extensions (4.3)
    System.Threading.Tasks.Extensions (4.5.1)
      System.Runtime.CompilerServices.Unsafe (>= 4.5)
    System.ValueTuple (4.5)
    VST.NET.x64 (1.1)
    WPFHexaEditor (1.4)
