RESTRICTION: == net462
NUGET
  remote: https://api.nuget.org/v3/index.json
    AlphaFS (2.2.6)
    Antlr (3.5.0.2)
    Catel.Core (5.8)
      Microsoft.CSharp (>= 4.5)
      System.Collections.Immutable (>= 1.5)
      System.ComponentModel.Annotations (>= 4.5)
      System.Dynamic.Runtime (>= 4.3)
      System.Reflection (>= 4.3)
      System.Runtime.Serialization.Formatters (>= 4.3)
      System.Runtime.Serialization.Primitives (>= 4.3)
      System.Runtime.Serialization.Xml (>= 4.3)
      System.Xml.XDocument (>= 4.3)
      System.Xml.XmlSerializer (>= 4.3)
    Catel.Fody (3.5)
      Fody (>= 3.1.3)
    Catel.MVVM (5.8)
      Catel.Core (>= 5.8)
      Expression.Blend.Sdk.WPF (>= 1.0.1)
      System.ComponentModel.Annotations (>= 4.5)
    CommandLineParser (2.3)
      System.Collections (>= 4.0.11-rc2-24027)
      System.Console (>= 4.0.0-rc2-24027)
      System.Diagnostics.Debug (>= 4.0.11-rc2-24027)
      System.Globalization (>= 4.0.11-rc2-24027)
      System.IO (>= 4.1.0-rc2-24027)
      System.Linq (>= 4.1.0-rc2-24027)
      System.Linq.Expressions (>= 4.0.11-rc2-24027)
      System.Reflection (>= 4.1.0-rc2-24027)
      System.Reflection.Extensions (>= 4.0.1-rc2-24027)
      System.Reflection.TypeExtensions (>= 4.1.0-rc2-24027)
      System.Resources.ResourceManager (>= 4.0.1-rc2-24027)
      System.Runtime (>= 4.1.0-rc2-24027)
      System.Runtime.Extensions (>= 4.1.0-rc2-24027)
    ControlzEx (3.0.2.4)
    Expression.Blend.Sdk.WPF (1.0.1)
    ExpressionEvaluator (2.0.4)
      Antlr (>= 3.5.0.2)
    Fluent.Ribbon (6.1.0.326)
      ControlzEx (>= 3.0.2.4 < 4.0)
    Fody (3.3.1)
    GSF.Core (2.1.468)
      ExpressionEvaluator (>= 2.0.3)
    GSF.Media (2.1.468)
      GSF.Core (>= 2.1.468)
    Ionic.Zip (1.9.1.8)
    JetBrains.Annotations (2018.2.1)
    LoadAssembliesOnStartup.Fody (2.1)
      Fody (>= 3.0.1)
    MahApps.Metro.IconPacks (3.0.0-alpha0088)
    MessagePack (1.7.3.4)
      System.Threading.Tasks.Extensions (>= 4.3)
      System.ValueTuple (>= 4.3)
    MethodTimer.Fody (2.2.2)
      Fody (>= 3.2.9)
    Microsoft.CSharp (4.5)
    ModuleInit.Fody (1.8.3)
      Fody (>= 3.2.9)
    NAudio (1.8.5)
    Newtonsoft.Json (11.0.2)
    Orc.Controls (3.1)
      Catel.Core (>= 5.8)
      Catel.MVVM (>= 5.8)
      Orc.FileSystem (>= 3.0)
    Orc.FileSystem (3.0)
      Catel.Core (>= 5.6)
      System.IO.FileSystem.Watcher (>= 4.3)
      System.Threading.Timer (>= 4.3)
    Orc.SystemInfo (3.0)
      Catel.Core (>= 5.6)
    Orchestra.Core (5.1.4)
      Catel.Core (>= 5.8)
      Catel.MVVM (>= 5.8)
      Ionic.Zip (>= 1.9.1.8)
      Orc.Controls (>= 3.1)
      Orc.FileSystem (>= 3.0)
      Orc.SystemInfo (>= 3.0)
    Orchestra.Shell.Ribbon.Fluent (5.1.4)
      Catel.Core (>= 5.8)
      Catel.MVVM (>= 5.8)
      ControlzEx (>= 3.0.2.4)
      Fluent.Ribbon (>= 6.1.0.326)
      Orc.Controls (>= 3.1)
      Orchestra.Core (>= 5.1.4)
    Platform.NET (1.2.5)
    Portable.Licensing (1.1)
    PropertyChanged.Fody (2.5.14)
      Fody (>= 3.2.13)
    Svg (2.3)
    Syroot.Windows.IO.KnownFolders (1.2.1)
    System.Collections (4.3)
    System.Collections.Immutable (1.5)
    System.ComponentModel.Annotations (4.5)
    System.Console (4.3.1)
    System.Diagnostics.Debug (4.3)
    System.Dynamic.Runtime (4.3)
    System.Globalization (4.3)
    System.IO (4.3)
    System.IO.FileSystem.Watcher (4.3)
    System.Linq (4.3)
    System.Linq.Expressions (4.3)
    System.Net.Http (4.3.4)
      System.Security.Cryptography.X509Certificates (>= 4.3)
    System.Reflection (4.3)
    System.Reflection.Extensions (4.3)
    System.Reflection.TypeExtensions (4.5.1)
    System.Resources.ResourceManager (4.3)
    System.Runtime (4.3)
    System.Runtime.CompilerServices.Unsafe (4.5.2)
    System.Runtime.Extensions (4.3)
    System.Runtime.Serialization.Formatters (4.3)
      System.Runtime.Serialization.Primitives (>= 4.3)
    System.Runtime.Serialization.Primitives (4.3)
    System.Runtime.Serialization.Xml (4.3)
      System.Runtime.Serialization.Primitives (>= 4.3)
    System.Security.Cryptography.Algorithms (4.3.1)
      System.Security.Cryptography.Primitives (>= 4.3)
    System.Security.Cryptography.Encoding (4.3)
    System.Security.Cryptography.Primitives (4.3)
    System.Security.Cryptography.X509Certificates (4.3.2)
      System.Security.Cryptography.Algorithms (>= 4.3)
      System.Security.Cryptography.Encoding (>= 4.3)
    System.Threading.Tasks.Extensions (4.5.1)
      System.Runtime.CompilerServices.Unsafe (>= 4.5)
    System.Threading.Timer (4.3)
    System.ValueTuple (4.5)
    System.Xml.XDocument (4.3)
    System.Xml.XmlSerializer (4.3)
    VST.NET.x64 (1.1)
    WPFHexaEditor (1.3.6.2)
