RESTRICTION: == net472
NUGET
  remote: https://api.nuget.org/v3/index.json
    Anotar.Catel.Fody (4.8.1)
      Catel.Core (>= 5.9)
      Fody (>= 4.1)
    Antlr (3.5.0.2)
    Be.Windows.Forms.HexBox (1.6.1)
    Castle.Core (4.3.1)
    Catel.Core (5.9)
      Microsoft.CSharp (>= 4.5)
      System.Collections.Immutable (>= 1.5)
      System.ComponentModel.Annotations (>= 4.5)
      System.Configuration.ConfigurationManager (>= 4.4.1)
      System.Dynamic.Runtime (>= 4.3)
      System.Reflection (>= 4.3)
      System.Runtime.Serialization.Formatters (>= 4.3)
      System.Runtime.Serialization.Primitives (>= 4.3)
      System.Runtime.Serialization.Xml (>= 4.3)
      System.Xml.XDocument (>= 4.3)
      System.Xml.XmlSerializer (>= 4.3)
    Catel.Fody (3.9)
      Fody (>= 4.0)
    Catel.MVVM (5.9)
      Catel.Core (>= 5.9)
      Expression.Blend.Sdk.WPF (>= 1.0.1)
      System.ComponentModel.Annotations (>= 4.5)
    Catel.Serialization.Json (5.9)
      Catel.Core (>= 5.9)
      NewtonSoft.Json (>= 11.0.2)
    Ceras (4.0.33)
      System.Buffers (>= 4.5)
    ControlzEx (3.0.2.4)
    CsvHelper (12.1.2)
      System.ValueTuple (>= 4.4)
    DataGridExtensions (1.0.41)
      Expression.Blend.Sdk (>= 1.0.2)
    DeepCloner (0.10.2)
    DeltaCompressionDotNet (1.1)
    Dirkster.AvalonDock.Themes.VS2013 (3.5.0.2)
    DocumentFormat.OpenXml (2.5)
    EFInteractiveViews (1.0.1)
      EntityFramework (>= 6.0 < 7.0)
    EntityFramework (6.2)
    Expression.Blend.Sdk (1.0.2)
    Expression.Blend.Sdk.WPF (1.0.1)
    ExpressionEvaluator (2.0.4)
      Antlr (>= 3.5.0.2)
    Extended.Wpf.Toolkit (3.5)
    FastMember (1.4.1)
    Fluent.Ribbon (6.1.0.326)
      ControlzEx (>= 3.0.2.4 < 4.0)
    FluentAssertions (5.6)
    Fody (4.2.1)
    gong-wpf-dragdrop (1.1)
    GSF.Core (2.1.468)
      ExpressionEvaluator (>= 2.0.3)
    GSF.Media (2.1.468)
      GSF.Core (>= 2.1.468)
    Ionic.Zip (1.9.1.8)
    JetBrains.Annotations (2018.3)
    K4os.Compression.LZ4 (1.1.1)
      System.Memory (>= 4.5.1)
    ksemenenko.ColorThief (1.1.1.4)
    LoadAssembliesOnStartup.Fody (3.0.8)
      Fody (>= 4.0.2)
    MahApps.Metro.IconPacks (3.0.0-alpha0096)
    MessagePack (1.7.3.4)
      System.Threading.Tasks.Extensions (>= 4.3)
    MessagePackAnalyzer (1.6)
    MethodTimer.Fody (2.3.2)
      Fody (>= 4.0.2)
    Microsoft-WindowsAPICodePack-Core (1.1.3.3)
    Microsoft-WindowsAPICodePack-Shell (1.1.3.3)
      Microsoft-WindowsAPICodePack-Core (>= 1.1.3.3)
    Microsoft.CSharp (4.5)
      NETStandard.Library (>= 1.6.1)
      System.Dynamic.Runtime (>= 4.3)
      System.Reflection.TypeExtensions (>= 4.4)
    Microsoft.NETCore.Platforms (2.2)
    Microsoft.NETCore.Targets (2.1)
    Microsoft.Xaml.Behaviors.Wpf (1.0.1)
    MimeTypeMap.List (2.0.1)
    ModuleInit.Fody (1.9)
      Fody (>= 3.3.5)
    Mono.Cecil (0.10.3)
    NAudio (1.8.5)
    NETStandard.Library (2.0.3)
      Microsoft.NETCore.Platforms (>= 1.1)
    NewtonSoft.Json (12.0.1)
    NuGet.CommandLine (4.9.4)
    Orc.Controls (3.1.1)
      Catel.Core (>= 5.8)
      Catel.MVVM (>= 5.8)
      Orc.FileSystem (>= 3.0)
    Orc.EntityFramework6 (3.0)
      Catel.Core (>= 5.6)
      EntityFramework (>= 6.2)
    Orc.FileSystem (3.0)
      Catel.Core (>= 5.6)
      System.IO.FileSystem.Watcher (>= 4.3)
      System.Threading.Timer (>= 4.3)
    Orc.LogViewer (3.1)
      Catel.Core (>= 5.8)
      Catel.MVVM (>= 5.8)
      Orc.Controls (>= 3.1)
    Orc.Scheduling (3.1)
      Catel.Core (>= 5.8)
    Orc.Squirrel (3.0)
      Catel.Core (>= 5.6)
      Orc.FileSystem (>= 3.0)
      squirrel.windows (>= 1.8)
    Orc.SystemInfo (3.0)
      Catel.Core (>= 5.6)
    Orc.WorkspaceManagement (3.1)
      Catel.Core (>= 5.8)
    Orchestra.Core (5.1.8)
      Catel.Core (>= 5.9)
      Catel.MVVM (>= 5.9)
      Ionic.Zip (>= 1.9.1.8)
      Orc.Controls (>= 3.1.1)
      Orc.FileSystem (>= 3.0)
      Orc.SystemInfo (>= 3.0)
    Orchestra.Shell.Ribbon.Fluent (5.1.8)
      Catel.Core (>= 5.9)
      Catel.MVVM (>= 5.9)
      ControlzEx (>= 3.0.2.4)
      Fluent.Ribbon (>= 6.1.0.326)
      Orc.Controls (>= 3.1.1)
      Orchestra.Core (>= 5.1.8)
    Portable.Licensing (1.1)
    PropertyChanged.Fody (2.6)
      Fody (>= 3.3.2)
    redmine-api (2.0.37)
    SharpCompress (0.17.1)
    SharpVectors.Reloaded (1.2)
    SharpZipLib (1.1)
    Simple-MAPI.NET (1.1)
    Splat (6.1.7)
      System.Drawing.Primitives (>= 4.3)
    SpreadsheetLight (3.4.9)
    sqlite-net-pcl (1.5.231)
      SQLitePCLRaw.bundle_green (>= 1.1.11)
    SQLite.CodeFirst (1.5.2.28)
      EntityFramework (>= 6.2)
    SQLitePCLRaw.bundle_e_sqlite3 (1.1.13)
      SQLitePCLRaw.core (>= 1.1.13)
      SQLitePCLRaw.lib.e_sqlite3.linux (>= 1.1.13)
      SQLitePCLRaw.lib.e_sqlite3.osx (>= 1.1.13)
      SQLitePCLRaw.lib.e_sqlite3.v110_xp (>= 1.1.13)
      SQLitePCLRaw.provider.e_sqlite3.net45 (>= 1.1.13)
    SQLitePCLRaw.bundle_green (1.1.13)
      SQLitePCLRaw.core (>= 1.1.13)
      SQLitePCLRaw.lib.e_sqlite3.linux (>= 1.1.13)
      SQLitePCLRaw.lib.e_sqlite3.osx (>= 1.1.13)
      SQLitePCLRaw.lib.e_sqlite3.v110_xp (>= 1.1.13)
      SQLitePCLRaw.provider.e_sqlite3.net45 (>= 1.1.13)
    SQLitePCLRaw.core (1.1.13)
    SQLitePCLRaw.lib.e_sqlite3.linux (1.1.13)
    SQLitePCLRaw.lib.e_sqlite3.osx (1.1.13)
    SQLitePCLRaw.lib.e_sqlite3.v110_xp (1.1.13)
    SQLitePCLRaw.provider.e_sqlite3.net45 (1.1.13)
      SQLitePCLRaw.core (>= 1.1.13)
    squirrel.windows (1.9.1)
      DeltaCompressionDotNet (>= 1.1 < 2.0)
      Mono.Cecil (>= 0.9.6.1)
      SharpCompress (0.17.1)
      Splat (>= 1.6.2)
    Standart.Hash.xxHash (1.0.6)
      System.Buffers (>= 4.5)
      System.IO (>= 4.3)
      System.Memory (>= 4.5.1)
      System.Threading.Tasks.Extensions (>= 4.5.1)
    Svg (2.4.2)
    Syroot.Windows.IO.KnownFolders (1.2.1)
    System.Buffers (4.5)
    System.Collections (4.3)
    System.Collections.Immutable (1.5)
    System.ComponentModel (4.3)
    System.ComponentModel.Annotations (4.5)
      NETStandard.Library (>= 1.6.1)
      System.ComponentModel (>= 4.3)
    System.Configuration.ConfigurationManager (4.5)
      System.Security.Permissions (>= 4.5)
    System.Data.SQLite (1.0.110)
      System.Data.SQLite.Core (>= 1.0.110)
      System.Data.SQLite.EF6 (>= 1.0.110)
      System.Data.SQLite.Linq (>= 1.0.110)
    System.Data.SQLite.Core (1.0.110)
    System.Data.SQLite.EF6 (1.0.110)
      EntityFramework (>= 6.2)
    System.Data.SQLite.Linq (1.0.110)
    System.Diagnostics.Debug (4.3)
    System.Diagnostics.DiagnosticSource (4.5.1)
    System.Diagnostics.Tools (4.3)
    System.Diagnostics.Tracing (4.3)
    System.Drawing.Primitives (4.3)
    System.Dynamic.Runtime (4.3)
      System.Collections (>= 4.3)
      System.Diagnostics.Debug (>= 4.3)
      System.Globalization (>= 4.3)
      System.Linq (>= 4.3)
      System.Linq.Expressions (>= 4.3)
      System.ObjectModel (>= 4.3)
      System.Reflection (>= 4.3)
      System.Reflection.TypeExtensions (>= 4.3)
      System.Resources.ResourceManager (>= 4.3)
      System.Runtime (>= 4.3)
      System.Runtime.Extensions (>= 4.3)
      System.Threading (>= 4.3)
    System.Globalization (4.3)
    System.Globalization.Calendars (4.3)
    System.IO (4.3)
    System.IO.FileSystem (4.3)
      System.IO.FileSystem.Primitives (>= 4.3)
    System.IO.FileSystem.Primitives (4.3)
    System.IO.FileSystem.Watcher (4.3)
    System.Linq (4.3)
    System.Linq.Expressions (4.3)
    System.Memory (4.5.2)
      System.Buffers (>= 4.4)
      System.Numerics.Vectors (>= 4.4)
      System.Runtime.CompilerServices.Unsafe (>= 4.5.2)
    System.Net.Http (4.3.4)
      Microsoft.NETCore.Platforms (>= 1.1.1)
      System.Collections (>= 4.3)
      System.Diagnostics.Debug (>= 4.3)
      System.Diagnostics.DiagnosticSource (>= 4.3)
      System.Diagnostics.Tracing (>= 4.3)
      System.Globalization (>= 4.3)
      System.IO (>= 4.3)
      System.Net.Primitives (>= 4.3)
      System.Resources.ResourceManager (>= 4.3)
      System.Runtime (>= 4.3)
      System.Runtime.Extensions (>= 4.3)
      System.Runtime.InteropServices (>= 4.3)
      System.Runtime.WindowsRuntime (>= 4.3)
      System.Security.Cryptography.X509Certificates (>= 4.3)
      System.Text.Encoding (>= 4.3)
      System.Text.Encoding.Extensions (>= 4.3)
      System.Threading (>= 4.3)
      System.Threading.Tasks (>= 4.3)
    System.Net.Primitives (4.3)
    System.Numerics.Vectors (4.5)
    System.ObjectModel (4.3)
    System.Private.DataContractSerialization (4.3)
      System.Reflection.TypeExtensions (>= 4.3)
      System.Runtime.Serialization.Primitives (>= 4.3)
      System.Xml.XmlDocument (>= 4.3)
    System.Reflection (4.3)
      Microsoft.NETCore.Platforms (>= 1.1)
      Microsoft.NETCore.Targets (>= 1.1)
      System.IO (>= 4.3)
      System.Reflection.Primitives (>= 4.3)
      System.Runtime (>= 4.3)
    System.Reflection.Emit (4.3)
    System.Reflection.Emit.ILGeneration (4.3)
    System.Reflection.Extensions (4.3)
    System.Reflection.Primitives (4.3)
    System.Reflection.TypeExtensions (4.5.1)
    System.Resources.ResourceManager (4.3)
    System.Runtime (4.3.1)
      Microsoft.NETCore.Platforms (>= 1.1.1)
      Microsoft.NETCore.Targets (>= 1.1.3)
    System.Runtime.CompilerServices.Unsafe (4.5.2)
    System.Runtime.Extensions (4.3.1)
    System.Runtime.Handles (4.3)
    System.Runtime.InteropServices (4.3)
      System.Runtime (>= 4.3)
    System.Runtime.Numerics (4.3)
    System.Runtime.Serialization.Formatters (4.3)
      System.Runtime.Serialization.Primitives (>= 4.3)
    System.Runtime.Serialization.Primitives (4.3)
      System.Resources.ResourceManager (>= 4.3)
      System.Runtime (>= 4.3)
    System.Runtime.Serialization.Xml (4.3)
      System.IO (>= 4.3)
      System.Private.DataContractSerialization (>= 4.3)
      System.Runtime (>= 4.3)
      System.Runtime.Serialization.Primitives (>= 4.3)
      System.Text.Encoding (>= 4.3)
      System.Xml.ReaderWriter (>= 4.3)
    System.Runtime.WindowsRuntime (4.3)
      Microsoft.NETCore.Platforms (>= 1.1)
      System.IO (>= 4.3)
      System.ObjectModel (>= 4.3)
      System.Runtime (>= 4.3)
      System.Threading.Tasks (>= 4.3)
    System.Security.AccessControl (4.5)
      System.Security.Principal.Windows (>= 4.5)
    System.Security.Cryptography.Algorithms (4.3.1)
      Microsoft.NETCore.Platforms (>= 1.1)
      System.IO (>= 4.3)
      System.Resources.ResourceManager (>= 4.3)
      System.Runtime (>= 4.3)
      System.Runtime.Extensions (>= 4.3)
      System.Runtime.Handles (>= 4.3)
      System.Runtime.InteropServices (>= 4.3)
      System.Security.Cryptography.Encoding (>= 4.3)
      System.Security.Cryptography.Primitives (>= 4.3)
      System.Text.Encoding (>= 4.3)
    System.Security.Cryptography.Cng (4.5)
    System.Security.Cryptography.Encoding (4.3)
    System.Security.Cryptography.Primitives (4.3)
    System.Security.Cryptography.X509Certificates (4.3.2)
      Microsoft.NETCore.Platforms (>= 1.1)
      System.Collections (>= 4.3)
      System.Globalization (>= 4.3)
      System.Globalization.Calendars (>= 4.3)
      System.IO (>= 4.3)
      System.IO.FileSystem (>= 4.3)
      System.Resources.ResourceManager (>= 4.3)
      System.Runtime (>= 4.3)
      System.Runtime.Extensions (>= 4.3)
      System.Runtime.Handles (>= 4.3)
      System.Runtime.InteropServices (>= 4.3)
      System.Runtime.Numerics (>= 4.3)
      System.Security.Cryptography.Algorithms (>= 4.3)
      System.Security.Cryptography.Cng (>= 4.3)
      System.Security.Cryptography.Encoding (>= 4.3)
      System.Security.Cryptography.Primitives (>= 4.3)
      System.Text.Encoding (>= 4.3)
      System.Threading (>= 4.3)
    System.Security.Permissions (4.5)
      System.Security.AccessControl (>= 4.5)
    System.Security.Principal.Windows (4.5.1)
    System.Text.Encoding (4.3)
    System.Text.Encoding.Extensions (4.3)
    System.Text.RegularExpressions (4.3)
    System.Threading (4.3)
    System.Threading.Tasks (4.3)
    System.Threading.Tasks.Extensions (4.5.2)
      System.Runtime.CompilerServices.Unsafe (>= 4.5.2)
    System.Threading.Timer (4.3)
      Microsoft.NETCore.Platforms (>= 1.1)
      Microsoft.NETCore.Targets (>= 1.1)
      System.Runtime (>= 4.3)
    System.ValueTuple (4.5)
    System.Xml.ReaderWriter (4.3.1)
    System.Xml.XDocument (4.3)
      System.Collections (>= 4.3)
      System.Diagnostics.Debug (>= 4.3)
      System.Diagnostics.Tools (>= 4.3)
      System.Globalization (>= 4.3)
      System.IO (>= 4.3)
      System.Reflection (>= 4.3)
      System.Resources.ResourceManager (>= 4.3)
      System.Runtime (>= 4.3)
      System.Runtime.Extensions (>= 4.3)
      System.Text.Encoding (>= 4.3)
      System.Threading (>= 4.3)
      System.Xml.ReaderWriter (>= 4.3)
    System.Xml.XmlDocument (4.3)
    System.Xml.XmlSerializer (4.3)
      System.Collections (>= 4.3)
      System.Globalization (>= 4.3)
      System.IO (>= 4.3)
      System.Linq (>= 4.3)
      System.Reflection (>= 4.3)
      System.Reflection.Emit (>= 4.3)
      System.Reflection.Emit.ILGeneration (>= 4.3)
      System.Reflection.Extensions (>= 4.3)
      System.Reflection.Primitives (>= 4.3)
      System.Reflection.TypeExtensions (>= 4.3)
      System.Resources.ResourceManager (>= 4.3)
      System.Runtime (>= 4.3)
      System.Runtime.Extensions (>= 4.3)
      System.Text.RegularExpressions (>= 4.3)
      System.Threading (>= 4.3)
      System.Xml.ReaderWriter (>= 4.3)
      System.Xml.XmlDocument (>= 4.3)
    WPFHexaEditor (1.3.6.2)
    xunit (2.4.1)
      xunit.analyzers (>= 0.10)
      xunit.assert (2.4.1)
      xunit.core (2.4.1)
    xunit.abstractions (2.0.3)
    xunit.analyzers (0.10)
    xunit.assert (2.4.1)
    xunit.core (2.4.1)
      xunit.extensibility.core (2.4.1)
      xunit.extensibility.execution (2.4.1)
    xunit.extensibility.core (2.4.1)
      xunit.abstractions (>= 2.0.3)
    xunit.extensibility.execution (2.4.1)
      xunit.extensibility.core (2.4.1)
    xunit.runner.visualstudio (2.4.1)
    Xunit.StaFact (0.3.18)
      xunit.extensibility.execution (>= 2.4)
    ZeroFormatter (1.6.4)
      ZeroFormatter.Interfaces (>= 1.6.4)
    ZeroFormatter.Interfaces (1.6.4)
